GEM
  remote: https://rubygems.org/
  specs:
    syslog_ruby (0.0.1)

PLATFORMS
  ruby

DEPENDENCIES
  syslog_ruby (= 0.0.1)!

BUNDLED WITH
   1.12.5
